GEM
  remote: https://rubygems.org/
  specs:
    backport (1.1.2)

PLATFORMS
  ruby

DEPENDENCIES
  backport

BUNDLED WITH
   2.1.4
